GIT
  remote: https://github.com/schacon/showoff
  revision: d297bd29f3dd192548c6c3ca35900b46bc5bec90
  specs:
    showoff (0.7.0)
      gli (~> 2)
      json
      nokogiri
      parslet
      redcarpet
      sinatra (~> 1.3)

GEM
  remote: https://rubygems.org/
  specs:
    blankslate (2.1.2.4)
    bluecloth (2.2.0)
    gli (2.5.6)
    json (1.8.0)
    mini_portile (0.5.0)
    nokogiri (1.6.0)
      mini_portile (~> 0.5.0)
    parslet (1.5.0)
      blankslate (~> 2.0)
    pdfkit (0.5.4)
    rack (1.5.2)
    rack-protection (1.5.0)
      rack
    redcarpet (2.3.0)
    rmagick (2.13.2)
    sinatra (1.4.3)
      rack (~> 1.4)
      rack-protection (~> 1.4)
      tilt (~> 1.3, >= 1.3.4)
    tilt (1.4.1)
    wkhtmltopdf (0.1.2)

PLATFORMS
  ruby

DEPENDENCIES
  bluecloth
  pdfkit
  rmagick
  showoff!
  wkhtmltopdf
